GEM
  remote: https://rubygems.org/
  specs:
    htmlbeautifier (1.3.1)
    redcarpet (3.4.0)

PLATFORMS
  ruby

DEPENDENCIES
  htmlbeautifier (~> 1.3, >= 1.3.1)
  redcarpet (~> 3.4)

BUNDLED WITH
   2.0.2
